GEM
  remote: https://rubygems.org/
  specs:
    curses (1.4.4)

PLATFORMS
  x86_64-linux

DEPENDENCIES
  curses (~> 1.4.4)

RUBY VERSION
   ruby 3.2.1p31

BUNDLED WITH
   2.4.3
