GEM
  specs:
    curses (1.4.4)

PLATFORMS
  x86_64-linux

DEPENDENCIES
  curses (~> 1.4.4)

RUBY VERSION
   ruby 3.1.2p20

BUNDLED WITH
   2.4.3
